GIT
  remote: https://github.com/dry-rb/dry-cli
  revision: d275b92e6f8550c172ce5d341041c04a2b63c3b2
  specs:
    dry-cli (0.3.1)
      concurrent-ruby (~> 1.0)
      hanami-utils (~> 1.3)

PATH
  remote: .
  specs:
    dude-cli (2.0.0.pre.alpha1)

GEM
  remote: https://rubygems.org/
  specs:
    coderay (1.1.2)
    concurrent-ruby (1.1.5)
    diff-lcs (1.3)
    hanami-utils (1.3.5)
      concurrent-ruby (~> 1.0)
      transproc (~> 1.0)
    method_source (0.9.2)
    pry (0.12.2)
      coderay (~> 1.1.0)
      method_source (~> 0.9.0)
    rake (10.5.0)
    rspec (3.9.0)
      rspec-core (~> 3.9.0)
      rspec-expectations (~> 3.9.0)
      rspec-mocks (~> 3.9.0)
    rspec-core (3.9.0)
      rspec-support (~> 3.9.0)
    rspec-expectations (3.9.0)
      diff-lcs (>= 1.2.0, < 2.0)
      rspec-support (~> 3.9.0)
    rspec-mocks (3.9.0)
      diff-lcs (>= 1.2.0, < 2.0)
      rspec-support (~> 3.9.0)
    rspec-support (3.9.0)
    transproc (1.1.0)

PLATFORMS
  ruby

DEPENDENCIES
  bundler (~> 1.17)
  dry-cli!
  dude-cli!
  pry (~> 0.12.2)
  rake (~> 10.0)
  rspec (~> 3.0)

BUNDLED WITH
   1.17.2
